PATH
  remote: .
  specs:
    inkan (1.1.0)

GEM
  remote: http://rubygems.org/
  specs:
    diff-lcs (1.1.3)
    rspec (2.6.0)
      rspec-core (~> 2.6.0)
      rspec-expectations (~> 2.6.0)
      rspec-mocks (~> 2.6.0)
    rspec-core (2.6.4)
    rspec-expectations (2.6.0)
      diff-lcs (~> 1.1.2)
    rspec-mocks (2.6.0)
    yard (0.9.15)

PLATFORMS
  ruby

DEPENDENCIES
  inkan!
  rspec (= 2.6.0)
  yard (~> 0.9)

BUNDLED WITH
   1.16.1
